PATH
  remote: .
  specs:
    rtt (0.0.1)
      thor

GEM
  remote: http://rubygems.org/
  specs:
    diff-lcs (1.1.3)
    rspec (2.8.0)
      rspec-core (~> 2.8.0)
      rspec-expectations (~> 2.8.0)
      rspec-mocks (~> 2.8.0)
    rspec-core (2.8.0)
    rspec-expectations (2.8.0)
      diff-lcs (~> 1.1.2)
    rspec-mocks (2.8.0)
    syntax (1.0.0)
    thor (0.14.6)
    yard (0.7.4)

PLATFORMS
  ruby

DEPENDENCIES
  rspec
  rtt!
  syntax
  thor
  yard
