PATH
  remote: .
  specs:
    rstt (0.9.3)
      active_support
      celluloid
      slop
      thor

GEM
  remote: http://rubygems.org/
  specs:
    active_support (3.0.0)
      activesupport (= 3.0.0)
    activesupport (3.0.0)
    celluloid (0.14.1)
      timers (>= 1.0.0)
    diff-lcs (1.2.4)
    rspec (2.14.1)
      rspec-core (~> 2.14.0)
      rspec-expectations (~> 2.14.0)
      rspec-mocks (~> 2.14.0)
    rspec-core (2.14.4)
    rspec-expectations (2.14.1)
      diff-lcs (>= 1.1.3, < 2.0)
    rspec-mocks (2.14.3)
    slop (3.4.6)
    syntax (1.0.0)
    thor (0.18.1)
    timers (1.1.0)
    yard (0.8.7)

PLATFORMS
  ruby

DEPENDENCIES
  rspec
  rstt!
  syntax
  yard
